GEM
  remote: https://rubygems.org/
  specs:
    addressable (2.4.0)
<<<<<<< HEAD
    colorator (1.1.0)
=======
    colorator (0.1)
>>>>>>> 7947ccba2603a51908e532cf4ed68f3d8cbe9219
    concurrent-ruby (1.0.2)
    execjs (2.7.0)
    extras (0.1.0)
      forwardable-extended (~> 2.5)
    fastimage (2.0.0)
      addressable (~> 2)
    ffi (1.9.14)
    forwardable-extended (2.6.0)
<<<<<<< HEAD
    jekyll (3.2.1)
      colorator (~> 1.0)
=======
    jekyll (3.1.6)
      colorator (~> 0.1)
>>>>>>> 7947ccba2603a51908e532cf4ed68f3d8cbe9219
      jekyll-sass-converter (~> 1.0)
      jekyll-watch (~> 1.1)
      kramdown (~> 1.3)
      liquid (~> 3.0)
      mercenary (~> 0.3.3)
<<<<<<< HEAD
      pathutil (~> 0.9)
      rouge (~> 1.7)
      safe_yaml (~> 1.0)
    jekyll-assets (2.2.8)
=======
      rouge (~> 1.7)
      safe_yaml (~> 1.0)
    jekyll-assets (2.2.7)
>>>>>>> 7947ccba2603a51908e532cf4ed68f3d8cbe9219
      extras (~> 0.1)
      fastimage (~> 2.0, >= 1.8)
      jekyll (~> 3.1, >= 3.0)
      pathutil (>= 0.8)
<<<<<<< HEAD
      rack (> 1, < 2)
      sprockets (~> 3.3, < 3.7)
=======
      sprockets (~> 3.3)
>>>>>>> 7947ccba2603a51908e532cf4ed68f3d8cbe9219
    jekyll-sass-converter (1.4.0)
      sass (~> 3.4)
    jekyll-watch (1.5.0)
      listen (~> 3.0, < 3.1)
<<<<<<< HEAD
    kramdown (1.12.0)
=======
    kramdown (1.11.1)
>>>>>>> 7947ccba2603a51908e532cf4ed68f3d8cbe9219
    liquid (3.0.6)
    listen (3.0.8)
      rb-fsevent (~> 0.9, >= 0.9.4)
      rb-inotify (~> 0.9, >= 0.9.7)
    mercenary (0.3.6)
    pathutil (0.14.0)
      forwardable-extended (~> 2.6)
<<<<<<< HEAD
    rack (1.6.4)
=======
    rack (2.0.1)
>>>>>>> 7947ccba2603a51908e532cf4ed68f3d8cbe9219
    rb-fsevent (0.9.7)
    rb-inotify (0.9.7)
      ffi (>= 0.5.0)
    rouge (1.11.1)
    safe_yaml (1.0.4)
    sass (3.4.22)
<<<<<<< HEAD
    sprockets (3.6.3)
      concurrent-ruby (~> 1.0)
      rack (> 1, < 3)
    uglifier (3.0.2)
=======
    sprockets (3.7.0)
      concurrent-ruby (~> 1.0)
      rack (> 1, < 3)
    uglifier (3.0.0)
>>>>>>> 7947ccba2603a51908e532cf4ed68f3d8cbe9219
      execjs (>= 0.3.0, < 3)

PLATFORMS
  ruby

DEPENDENCIES
  jekyll
  jekyll-assets
  sass
  uglifier

BUNDLED WITH
<<<<<<< HEAD
   1.12.5
=======
   1.12.4
>>>>>>> 7947ccba2603a51908e532cf4ed68f3d8cbe9219
